GEM
  remote: http://rubygems.org/
  specs:
    eventmachine (1.0.0.beta.3)
    git (1.2.5)
    hash-utils (1.1.0)
      ruby-version
    jeweler (1.6.4)
      bundler (~> 1.0)
      git (>= 1.2.5)
      rake
    object-proxy (0.2.0)
      hash-utils (>= 0.12.1)
    rake (0.9.2)
    riot (0.12.5)
      rr
    rr (1.0.4)
    ruby-version (0.3.1)

PLATFORMS
  ruby

DEPENDENCIES
  bundler (>= 1.0.0)
  eventmachine
  hash-utils (>= 0.17.0)
  jeweler (>= 1.5.2)
  object-proxy (>= 0.2.0)
  riot (>= 0.12.3)
