GEM
  remote: http://rubygems.org/
  specs:
    eventmachine (0.12.10)
    git (1.2.5)
    hash-utils (2.0.0)
      ruby-version
    jeweler2 (2.0.9)
      git (>= 1.2.5)
    object-proxy (0.3.0)
      hash-utils (>= 0.12.1)
    riot (0.12.5)
      rr
    rr (1.0.4)
    ruby-version (0.3.1)

PLATFORMS
  ruby

DEPENDENCIES
  bundler (>= 1.0.0)
  eventmachine
  hash-utils (>= 0.17.0)
  jeweler2 (>= 2.0.0)
  object-proxy (>= 0.3.0)
  riot (>= 0.12.3)
